PATH
  remote: .
  specs:
    stethoscope (0.2.0)
      dictionary (>= 1.0)
      rack (> 1.0)
      tilt (>= 1.0)

GEM
  remote: https://rubygems.org/
  specs:
    dictionary (1.0.0)
    json_pure (1.5.3)
    nanotest (0.9.4.1)
    nanotest_extensions (0.6.3)
    rack (1.2.1)
    rack-test (0.5.4)
      rack (>= 1.0)
    rake (0.8.7)
    rspec-core (2.0.0.beta.20)
    tilt (1.3.2)

PLATFORMS
  ruby

DEPENDENCIES
  bundler (>= 1.0.0)
  json_pure
  nanotest
  nanotest_extensions
  rack-test
  rake
  rspec-core (>= 2.0.0.beta.20)
  stethoscope!
